GEM
  remote: http://rubygems.org/
  remote: http://gems.github.com/
  specs:
    addressable (2.2.6)
    chunky_png (1.2.0)
    classifier (1.3.3)
      fast-stemmer (>= 1.0.0)
    compass (0.11.3)
      chunky_png (~> 1.2)
      fssm (>= 0.2.7)
      sass (~> 3.1)
    directory_watcher (1.4.0)
    em-websocket (0.2.1)
      addressable (>= 2.1.1)
      eventmachine (>= 0.12.9)
    eventmachine (0.12.10)
    fast-stemmer (1.0.0)
    fssm (0.2.7)
    guard (0.4.2)
      thor (~> 0.14.6)
    guard-livereload (0.1.11)
      em-websocket (~> 0.2.0)
      guard (>= 0.2.2)
      json (~> 1.5.1)
    jekyll (0.10.0)
      classifier (>= 1.3.1)
      directory_watcher (>= 1.1.1)
      liquid (>= 1.9.0)
      maruku (>= 0.5.9)
    json (1.5.1)
    liquid (2.2.2)
    maruku (0.6.0)
      syntax (>= 1.0.0)
    rb-fsevent (0.4.0)
    sass (3.1.2)
    syntax (1.0.0)
    thor (0.14.6)

PLATFORMS
  ruby

DEPENDENCIES
  compass
  guard
  guard-livereload
  jekyll
  rb-fsevent
  sass
